GEM
  remote: http://rubygems.org/
  specs:
    addressable (2.5.1)
      public_suffix (~> 2.0, >= 2.0.2)
    daemons (1.2.4)
    eventmachine (1.2.3)
    faraday (0.12.1)
      multipart-post (>= 1.2, < 3)
    httparty (0.15.5)
      multi_xml (>= 0.5.2)
    json (2.1.0)
    koala (3.0.0)
      addressable
      faraday
      json (>= 1.8)
    multi_xml (0.6.0)
    multipart-post (2.0.0)
    mustermann (1.0.0)
    public_suffix (2.0.5)
    rack (2.0.3)
    rack-protection (2.0.0)
      rack
    sinatra (2.0.0)
      mustermann (~> 1.0)
      rack (~> 2.0)
      rack-protection (= 2.0.0)
      tilt (~> 2.0)
    thin (1.7.0)
      daemons (~> 1.0, >= 1.0.9)
      eventmachine (~> 1.0, >= 1.0.4)
      rack (>= 1, < 3)
    tilt (2.0.7)

PLATFORMS
  ruby

DEPENDENCIES
  eventmachine
  httparty
  json
  koala
  sinatra
  thin

BUNDLED WITH
   1.14.4
